GEM
  remote: https://rubygems.org/
  specs:
    airbrussh (1.0.2)
      sshkit (>= 1.6.1, != 1.7.0)
    ansi (1.5.0)
    capistrano (3.5.0)
      airbrussh (>= 1.0.0)
      capistrano-harrow
      i18n
      rake (>= 10.0.0)
      sshkit (>= 1.9.0)
    capistrano-harrow (0.5.1)
    coderay (1.1.0)
    hashie (3.4.3)
    highline (1.7.8)
    i18n (0.7.0)
    itamae (1.9.2)
      ansi
      hashie
      schash (~> 0.1.0)
      specinfra (>= 2.37.0, < 3.0.0)
      thor
    itamae-secrets (0.1.0)
      thor
    method_source (0.8.2)
    net-scp (1.2.1)
      net-ssh (>= 2.6.5)
    net-ssh (3.0.2)
    net-telnet (0.1.1)
    pry (0.10.3)
      coderay (~> 1.1.0)
      method_source (~> 0.8.1)
      slop (~> 3.4)
    rake (10.5.0)
    schash (0.1.2)
    sfl (2.2)
    slop (3.6.0)
    specinfra (2.50.3)
      net-scp
      net-ssh (>= 2.7, < 3.1)
      net-telnet
      sfl
    sshkit (1.10.0)
      net-scp (>= 1.1.2)
      net-ssh (>= 2.8.0)
    thor (0.19.1)

PLATFORMS
  ruby

DEPENDENCIES
  capistrano
  highline
  itamae
  itamae-secrets
  pry
  rake

BUNDLED WITH
   1.12.3
