GEM
  remote: https://rubygems.org/
  specs:
    ansi (1.5.0)
    coderay (1.1.2)
    hashie (3.5.6)
    highline (1.7.8)
    itamae (1.9.11)
      ansi
      hashie
      schash (~> 0.1.0)
      specinfra (>= 2.64.0, < 3.0.0)
      thor
    itamae-plugin-resource-portage (0.1.0.beta1)
      itamae
    itamae-secrets (0.2.3)
      thor
    method_source (0.9.0)
    net-scp (1.2.1)
      net-ssh (>= 2.6.5)
    net-ssh (4.2.0)
    net-telnet (0.1.1)
    pry (0.11.2)
      coderay (~> 1.1.0)
      method_source (~> 0.9.0)
    rake (12.2.1)
    schash (0.1.2)
    sfl (2.3)
    specinfra (2.72.1)
      net-scp
      net-ssh (>= 2.7, < 5.0)
      net-telnet
      sfl
    thor (0.20.0)

PLATFORMS
  ruby

DEPENDENCIES
  highline
  itamae
  itamae-plugin-resource-portage
  itamae-secrets
  pry
  rake

BUNDLED WITH
   1.16.0
